ObjectType = Image
NDims = 2
BinaryData = True
BinaryDataByteOrderMSB = False
CompressedData = True
CompressedDataSize = 149320
TransformMatrix = 1 0 0 1
Offset = 0 0
CenterOfRotation = 0 0
ElementSpacing = 2.7999999999999998 2.7999999999999998
DimSize = 512 1024
AnatomicalOrientation = ??
ElementType = MET_FLOAT
ElementDataFile = preds_56.zraw
