ObjectType = Image
NDims = 2
BinaryData = True
BinaryDataByteOrderMSB = False
CompressedData = False
TransformMatrix = 1 0 0 1
Offset = 0 0
CenterOfRotation = 0 0
ElementSpacing = 2.8 2.8
DimSize = 512 1024
AnatomicalOrientation = ??
ElementType = MET_USHORT
ElementDataFile = train_13.raw
